GEM
  remote: https://rubygems.org/
  specs:
    asdf (0.5.0)
      rack (~> 1.2.1)
    chunky_png (1.2.8)
    compass (0.12.2)
      chunky_png (~> 1.2)
      fssm (>= 0.2.7)
      sass (~> 3.1)
    compass_twitter_bootstrap (2.3.1)
      compass
    dotenv (0.8.0)
    foreman (0.63.0)
      dotenv (>= 0.7)
      thor (>= 0.13.6)
    fssm (0.2.10)
    rack (1.2.8)
    sass (3.2.9)
    thor (0.18.1)

PLATFORMS
  ruby

DEPENDENCIES
  asdf
  compass
  compass_twitter_bootstrap
  foreman
